GEM
  remote: http://rubygems.org/
  specs:
    diff-lcs (1.1.2)
    infinity_test (1.0.2)
      notifiers (>= 1.1.0)
      watchr (>= 0.7)
    notifiers (1.1.0)
    rspec (2.5.0)
      rspec-core (~> 2.5.0)
      rspec-expectations (~> 2.5.0)
      rspec-mocks (~> 2.5.0)
    rspec-core (2.5.1)
    rspec-expectations (2.5.0)
      diff-lcs (~> 1.1.2)
    rspec-mocks (2.5.0)
    watchr (0.7)

PLATFORMS
  ruby

DEPENDENCIES
  infinity_test
  rspec
